PATH
  remote: .
  specs:
    prompt_manager (0.4.2)

GEM
  remote: https://rubygems.org/
  specs:
    activemodel (7.2.1.2)
      activesupport (= 7.2.1.2)
    activerecord (7.2.1.2)
      activemodel (= 7.2.1.2)
      activesupport (= 7.2.1.2)
      timeout (>= 0.4.0)
    activesupport (7.2.1.2)
      base64
      bigdecimal
      concurrent-ruby (~> 1.0, >= 1.3.1)
      connection_pool (>= 2.2.5)
      drb
      i18n (>= 1.6, < 2)
      logger (>= 1.4.2)
      minitest (>= 5.1)
      securerandom (>= 0.3)
      tzinfo (~> 2.0, >= 2.0.5)
    amazing_print (1.6.0)
    base64 (0.2.0)
    bigdecimal (3.1.8)
    cogger (0.28.0)
      core (~> 1.7)
      refinements (~> 12.9)
      tone (~> 1.0)
      zeitwerk (~> 2.6)
    concurrent-ruby (1.3.4)
    connection_pool (2.4.1)
    containable (0.5.1)
      concurrent-ruby (~> 1.2)
    core (1.8.0)
    debug_me (1.1.1)
    docile (1.4.1)
    drb (2.2.1)
    dry-configurable (1.2.0)
      dry-core (~> 1.0, < 2)
      zeitwerk (~> 2.6)
    dry-core (1.0.1)
      concurrent-ruby (~> 1.0)
      zeitwerk (~> 2.6)
    dry-inflector (1.1.0)
    dry-initializer (3.1.1)
    dry-logic (1.5.0)
      concurrent-ruby (~> 1.0)
      dry-core (~> 1.0, < 2)
      zeitwerk (~> 2.6)
    dry-monads (1.6.0)
      concurrent-ruby (~> 1.0)
      dry-core (~> 1.0, < 2)
      zeitwerk (~> 2.6)
    dry-schema (1.13.4)
      concurrent-ruby (~> 1.0)
      dry-configurable (~> 1.0, >= 1.0.1)
      dry-core (~> 1.0, < 2)
      dry-initializer (~> 3.0)
      dry-logic (>= 1.4, < 2)
      dry-types (>= 1.7, < 2)
      zeitwerk (~> 2.6)
    dry-types (1.7.2)
      bigdecimal (~> 3.0)
      concurrent-ruby (~> 1.0)
      dry-core (~> 1.0)
      dry-inflector (~> 1.0)
      dry-logic (~> 1.4)
      zeitwerk (~> 2.6)
    etcher (2.4.0)
      cogger (~> 0.26)
      core (~> 1.7)
      dry-monads (~> 1.6)
      dry-types (~> 1.7)
      refinements (~> 12.9)
      versionaire (~> 13.0)
      zeitwerk (~> 2.6)
    fakefs (2.5.0)
    i18n (1.14.6)
      concurrent-ruby (~> 1.0)
    infusible (3.11.0)
      marameters (~> 3.9)
    logger (1.6.1)
    marameters (3.10.0)
      refinements (~> 12.9)
      zeitwerk (~> 2.7)
    mini_portile2 (2.8.7)
    minitest (5.25.1)
    optparse (0.5.0)
    ostruct (0.6.0)
    rake (13.2.1)
    refinements (12.10.0)
    runcom (11.8.0)
      refinements (~> 12.9)
      xdg (~> 8.6)
      zeitwerk (~> 2.6)
    securerandom (0.3.1)
    simplecov (0.22.0)
      docile (~> 1.1)
      simplecov-html (~> 0.11)
      simplecov_json_formatter (~> 0.1)
    simplecov-html (0.13.1)
    simplecov_json_formatter (0.1.4)
    sod (0.17.0)
      cogger (~> 0.26)
      containable (~> 0.2)
      infusible (~> 3.11)
      optparse (~> 0.5)
      refinements (~> 12.9)
      tone (~> 1.0)
      zeitwerk (~> 2.7)
    spek (3.8.0)
      dry-monads (~> 1.6)
      refinements (~> 12.9)
      versionaire (~> 13.0)
      zeitwerk (~> 2.6)
    sqlite3 (1.7.3)
      mini_portile2 (~> 2.8.0)
    sqlite3 (1.7.3-arm64-darwin)
    timeout (0.4.1)
    tocer (18.5.0)
      cogger (~> 0.26)
      containable (~> 0.2)
      core (~> 1.7)
      dry-schema (~> 1.13)
      etcher (~> 2.1)
      infusible (~> 3.11)
      refinements (~> 12.9)
      runcom (~> 11.5)
      sod (~> 0.17)
      spek (~> 3.0)
      zeitwerk (~> 2.7)
    tone (1.8.0)
      refinements (~> 12.9)
      zeitwerk (~> 2.6)
    tzinfo (2.0.6)
      concurrent-ruby (~> 1.0)
    versionaire (13.9.0)
      refinements (~> 12.10)
    xdg (8.8.0)
    zeitwerk (2.7.1)

PLATFORMS
  arm64-darwin-23
  ruby

DEPENDENCIES
  activerecord
  amazing_print
  debug_me
  fakefs (~> 2.5)
  minitest (~> 5.0)
  ostruct
  prompt_manager!
  rake (~> 13.0)
  simplecov
  sqlite3 (~> 1.6)
  tocer

BUNDLED WITH
   2.5.22
