PATH
  remote: .
  specs:
    prompt_manager (0.5.8)

GEM
  remote: https://rubygems.org/
  specs:
    activemodel (8.0.2.1)
      activesupport (= 8.0.2.1)
    activerecord (8.0.2.1)
      activemodel (= 8.0.2.1)
      activesupport (= 8.0.2.1)
      timeout (>= 0.4.0)
    activesupport (8.0.2.1)
      base64
      benchmark (>= 0.3)
      bigdecimal
      concurrent-ruby (~> 1.0, >= 1.3.1)
      connection_pool (>= 2.2.5)
      drb
      i18n (>= 1.6, < 2)
      logger (>= 1.4.2)
      minitest (>= 5.1)
      securerandom (>= 0.3)
      tzinfo (~> 2.0, >= 2.0.5)
      uri (>= 0.13.1)
    amazing_print (1.8.1)
    base64 (0.3.0)
    benchmark (0.4.1)
    bigdecimal (3.2.2)
    cogger (1.4.0)
      core (~> 2.0)
      logger (~> 1.7)
      refinements (~> 13.3)
      tone (~> 2.0)
      zeitwerk (~> 2.7)
    concurrent-ruby (1.3.5)
    connection_pool (2.5.4)
    containable (1.3.0)
      concurrent-ruby (~> 1.3)
    core (2.3.0)
    debug_me (1.1.1)
    docile (1.4.1)
    drb (2.2.3)
    dry-configurable (1.3.0)
      dry-core (~> 1.1)
      zeitwerk (~> 2.6)
    dry-core (1.1.0)
      concurrent-ruby (~> 1.0)
      logger
      zeitwerk (~> 2.6)
    dry-inflector (1.2.0)
    dry-initializer (3.2.0)
    dry-logic (1.6.0)
      bigdecimal
      concurrent-ruby (~> 1.0)
      dry-core (~> 1.1)
      zeitwerk (~> 2.6)
    dry-monads (1.9.0)
      concurrent-ruby (~> 1.0)
      dry-core (~> 1.1)
      zeitwerk (~> 2.6)
    dry-schema (1.14.1)
      concurrent-ruby (~> 1.0)
      dry-configurable (~> 1.0, >= 1.0.1)
      dry-core (~> 1.1)
      dry-initializer (~> 3.2)
      dry-logic (~> 1.5)
      dry-types (~> 1.8)
      zeitwerk (~> 2.6)
    dry-types (1.8.3)
      bigdecimal (~> 3.0)
      concurrent-ruby (~> 1.0)
      dry-core (~> 1.0)
      dry-inflector (~> 1.0)
      dry-logic (~> 1.4)
      zeitwerk (~> 2.6)
    etcher (3.3.0)
      cogger (~> 1.0)
      core (~> 2.0)
      dry-monads (~> 1.9)
      dry-types (~> 1.7)
      refinements (~> 13.3)
      versionaire (~> 14.0)
      zeitwerk (~> 2.7)
    i18n (1.14.7)
      concurrent-ruby (~> 1.0)
    infusible (4.4.0)
      marameters (~> 4.1)
    logger (1.7.0)
    marameters (4.4.0)
      refinements (~> 13.3)
      zeitwerk (~> 2.7)
    mini_portile2 (2.8.9)
    minitest (5.25.5)
    optparse (0.6.0)
    ostruct (0.6.3)
    rake (13.3.0)
    refinements (13.5.0)
    runcom (12.3.0)
      refinements (~> 13.3)
      xdg (~> 9.0)
      zeitwerk (~> 2.7)
    securerandom (0.4.1)
    simplecov (0.22.0)
      docile (~> 1.1)
      simplecov-html (~> 0.11)
      simplecov_json_formatter (~> 0.1)
    simplecov-html (0.13.2)
    simplecov_json_formatter (0.1.4)
    sod (1.3.0)
      cogger (~> 1.0)
      containable (~> 1.1)
      infusible (~> 4.0)
      optparse (~> 0.6)
      refinements (~> 13.3)
      tone (~> 2.0)
      zeitwerk (~> 2.7)
    spek (4.4.0)
      core (~> 2.0)
      dry-monads (~> 1.9)
      refinements (~> 13.3)
      versionaire (~> 14.0)
      zeitwerk (~> 2.7)
    sqlite3 (2.7.3)
      mini_portile2 (~> 2.8.0)
    sqlite3 (2.7.3-arm64-darwin)
    timeout (0.4.3)
    tocer (19.3.0)
      cogger (~> 1.0)
      containable (~> 1.1)
      core (~> 2.0)
      dry-schema (~> 1.13)
      etcher (~> 3.0)
      infusible (~> 4.0)
      refinements (~> 13.3)
      runcom (~> 12.0)
      sod (~> 1.0)
      spek (~> 4.0)
      zeitwerk (~> 2.7)
    tone (2.4.0)
      refinements (~> 13.3)
      zeitwerk (~> 2.7)
    tzinfo (2.0.6)
      concurrent-ruby (~> 1.0)
    uri (1.0.3)
    versionaire (14.3.0)
      refinements (~> 13.3)
    xdg (9.3.0)
    zeitwerk (2.7.3)

PLATFORMS
  arm64-darwin-23
  ruby

DEPENDENCIES
  activerecord
  amazing_print
  debug_me
  minitest
  ostruct
  prompt_manager!
  rake
  simplecov
  sqlite3
  tocer

BUNDLED WITH
   2.7.1
